GEM
  remote: http://rubygems.org/
  specs:
    connection_pool (0.9.2)
    girl_friday (0.11.1)
      connection_pool (~> 0.9.0)
      rubinius-actor
    rubinius-actor (0.0.2)
      rubinius-core-api
    rubinius-core-api (0.0.1)
    statemachine (2.0.1)
    thor (0.16.0)

PLATFORMS
  ruby

DEPENDENCIES
  girl_friday (>= 0.11)
  statemachine
  thor
